PATH
  remote: .
  specs:
    hasp (0.0.0)

GEM
  remote: https://rubygems.org/
  specs:
    minitest (4.7.0)
    rake (10.0.4)

PLATFORMS
  ruby

DEPENDENCIES
  hasp!
  minitest
  rake
